GEM
  remote: http://rubygems.org/
  specs:
    awesome_print (1.8.0)
    bson (4.3.0)
    dotenv (2.5.0)
    mongo (2.6.2)
      bson (>= 4.3.0, < 5.0.0)
    mustermann (1.0.3)
    rack (2.0.5)
    rack-protection (2.0.4)
      rack
    sinatra (2.0.4)
      mustermann (~> 1.0)
      rack (~> 2.0)
      rack-protection (= 2.0.4)
      tilt (~> 2.0)
    tilt (2.0.8)

PLATFORMS
  ruby

DEPENDENCIES
  awesome_print
  dotenv (~> 2.5)
  mongo (~> 2.6)
  sinatra (~> 2.0)

BUNDLED WITH
   1.16.6
